ObjectType = Image
NDims = 3
BinaryData = True
BinaryDataByteOrderMSB = False
CompressedData = True
CompressedDataSize = 37
TransformMatrix = 1 0 0 0 1 0 0 0 1
Offset = 0 0 0
CenterOfRotation = 0 0 0
ElementSpacing = 1 1 1
DimSize = 10 4 4
AnatomicalOrientation = ???
ElementType = MET_SHORT
ElementDataFile = gradient10.raw
