ObjectType = Image
NDims = 3
BinaryData = True
BinaryDataByteOrderMSB = False
CompressedData = True
CompressedDataSize = 18
TransformMatrix = 1 0 0 0 1 0 0 0 1
Offset = 0 0 0
CenterOfRotation = 0 0 0
ElementSpacing = 1 1 1
DimSize = 2 2 2
AnatomicalOrientation = ???
ElementType = MET_SHORT
ElementDataFile = tinyCheckers.raw
