ObjectType = Image
NDims = 3
BinaryData = True
BinaryDataByteOrderMSB = False
CompressedData = True
CompressedDataSize = 68283
TransformMatrix = 1 0 0 0 1 0 0 0 1
Offset = 0 0 0
CenterOfRotation = 0 0 0
ElementSpacing = 1 1 1
DimSize = 28 28 28
AnatomicalOrientation = ???
ElementType = MET_FLOAT
ElementDataFile = volume1559822852150.raw
